PATH
  remote: .
  specs:
    git_sentiment (0.0.1)
      ruby-progressbar

GEM
  remote: https://rubygems.org/
  specs:
    rake (10.1.0)
    ruby-progressbar (1.2.0)

PLATFORMS
  ruby

DEPENDENCIES
  bundler (~> 1.3)
  git_sentiment!
  rake
