PATH
  remote: .
  specs:
    git_pissed (1.0.5)
      ruby-progressbar

GEM
  remote: https://rubygems.org/
  specs:
    rake (10.1.0)
    ruby-progressbar (1.2.0)

PLATFORMS
  ruby

DEPENDENCIES
  bundler (~> 1.3)
  git_pissed!
  rake
